GEM
  remote: http://rubygems.org/
  specs:
    better_errors (0.0.7)
      coderay
      erubis
    binding_of_caller (0.6.8)
    coderay (1.0.8)
    dalli (2.1.0)
    differ (0.1.2)
    erubis (2.7.0)
    i18n (0.6.0)
    kgio (2.7.4)
    mail (2.4.4)
      i18n (>= 0.4.0)
      mime-types (~> 1.16)
      treetop (~> 1.4.8)
    mime-types (1.19)
    nest (1.1.2)
      redis
    newrelic_rpm (3.4.1)
    ohm (1.2.0)
      nest (~> 1.0)
      redis
      scrivener (~> 0.0.3)
    polyglot (0.3.3)
    rack (1.4.1)
    rack-cache (1.2)
      rack (>= 0.4)
    rack-protection (1.2.0)
      rack
    raindrops (0.10.0)
    redis (3.0.1)
    scrivener (0.0.3)
    sinatra (1.3.3)
      rack (~> 1.3, >= 1.3.6)
      rack-protection (~> 1.2)
      tilt (~> 1.3, >= 1.3.3)
    tilt (1.3.3)
    treetop (1.4.10)
      polyglot
      polyglot (>= 0.3.1)
    tzinfo (0.3.33)
    unicorn (4.3.1)
      kgio (~> 2.6)
      rack
      raindrops (~> 0.7)

PLATFORMS
  ruby

DEPENDENCIES
  better_errors
  binding_of_caller
  dalli
  differ
  mail
  newrelic_rpm
  ohm
  rack-cache
  redis (~> 3.0.0.rc2)
  sinatra (~> 1.3.0)
  tzinfo
  unicorn
